PATH
  remote: .
  specs:
    tsms_client (0.0.1)
      activesupport
      faraday
      faraday_middleware
      link_header

GEM
  remote: https://rubygems.org/
  specs:
    RedCloth (4.2.9)
    activesupport (2.3.14)
    diff-lcs (1.1.3)
    faraday (0.8.4)
      multipart-post (~> 1.1)
    faraday_middleware (0.9.0)
      faraday (>= 0.7.4, < 0.9)
    hoe (3.1.0)
      rake (~> 0.8)
    link_header (0.0.5)
      hoe (>= 2.3.2)
      newgem (>= 1.5.1)
    multipart-post (1.1.5)
    newgem (1.5.3)
      RedCloth (>= 4.1.1)
      activesupport (~> 2.3.4)
      hoe (>= 2.4.0)
      rubigen (>= 1.5.3)
      syntax (>= 1.0.0)
    rake (0.9.2.2)
    rspec (2.11.0)
      rspec-core (~> 2.11.0)
      rspec-expectations (~> 2.11.0)
      rspec-mocks (~> 2.11.0)
    rspec-core (2.11.1)
    rspec-expectations (2.11.3)
      diff-lcs (~> 1.1.3)
    rspec-mocks (2.11.3)
    rubigen (1.5.8)
      activesupport (>= 2.3.5, < 3.2.0)
    syntax (1.0.0)

PLATFORMS
  ruby

DEPENDENCIES
  rake
  rspec
  tsms_client!
